PATH
  remote: .
  specs:
    scrape (0.3.0)

GEM
  remote: http://rubygems.org/
  specs:
    addressable (2.2.8)
    crack (0.3.1)
    faraday (0.8.1)
      multipart-post (~> 1.1)
    faraday_middleware (0.8.8)
      faraday (>= 0.7.4, < 0.9)
    mini_portile2 (2.4.0)
    multipart-post (1.1.5)
    nokogiri (1.10.4)
      mini_portile2 (~> 2.4.0)
    webmock (1.8.7)
      addressable (>= 2.2.7)
      crack (>= 0.1.7)

PLATFORMS
  ruby

DEPENDENCIES
  addressable (~> 2.2.8)
  faraday (~> 0.8.0)
  faraday_middleware (~> 0.8.8)
  nokogiri (~> 1.10.4)
  scrape!
  webmock (~> 1.8.7)
