PATH
  remote: .
  specs:
    scrape (0.2.1)

GEM
  remote: http://rubygems.org/
  specs:
    addressable (2.2.8)
    crack (0.3.1)
    nokogiri (1.5.5)
    webmock (1.8.7)
      addressable (>= 2.2.7)
      crack (>= 0.1.7)

PLATFORMS
  ruby

DEPENDENCIES
  addressable (~> 2.2.8)
  nokogiri (~> 1.5.5)
  scrape!
  webmock (~> 1.8.7)
